PATH
  remote: .
  specs:
    blockcypher-ruby (0.1.1)
      bitcoin-ruby (~> 0.0.5)

GEM
  remote: https://rubygems.org/
  specs:
    bitcoin-ruby (0.0.6)
    diff-lcs (1.2.5)
    rspec (3.1.0)
      rspec-core (~> 3.1.0)
      rspec-expectations (~> 3.1.0)
      rspec-mocks (~> 3.1.0)
    rspec-core (3.1.3)
      rspec-support (~> 3.1.0)
    rspec-expectations (3.1.1)
      diff-lcs (>= 1.2.0, < 2.0)
      rspec-support (~> 3.1.0)
    rspec-mocks (3.1.0)
      rspec-support (~> 3.1.0)
    rspec-support (3.1.0)
    vcr (2.9.3)

PLATFORMS
  ruby

DEPENDENCIES
  blockcypher-ruby!
  rspec (~> 3.1)
  vcr (~> 2.9.3)
